GIT
  remote: https://github.com/cloudwalkio/da_funk.git
  revision: b19787138104a516800704ea9de97566a622ecde
  specs:
    da_funk (0.4.9)
      bundler (~> 1.7)
      rake (~> 10.4)

GEM
  remote: https://rubygems.org/
  specs:
    rake (10.4.2)

PLATFORMS
  ruby

DEPENDENCIES
  da_funk!
  rake
